PATH
  remote: .
  specs:
    githubstats (3.3.0)
      basiccache (~> 1.0.0)
      nokogiri

GEM
  remote: https://rubygems.org/
  specs:
    ast (2.4.2)
    basiccache (1.0.0)
    diff-lcs (1.5.0)
    fuubar (2.5.1)
      rspec-core (~> 3.0)
      ruby-progressbar (~> 1.4)
    goodcop (0.9.7)
      fuubar (~> 2.5.1)
      rake (~> 13.0.6)
      rspec (~> 3.11.0)
      rubocop (~> 1.35.1)
      rubocop-performance (~> 1.14.3)
    json (2.6.3)
    mini_portile2 (2.8.2)
    nokogiri (1.15.2)
      mini_portile2 (~> 2.8.2)
      racc (~> 1.4)
    parallel (1.23.0)
    parser (3.2.2.1)
      ast (~> 2.4.1)
    racc (1.6.2)
    rainbow (3.1.1)
    rake (13.0.6)
    regexp_parser (2.8.0)
    rexml (3.2.5)
    rspec (3.11.0)
      rspec-core (~> 3.11.0)
      rspec-expectations (~> 3.11.0)
      rspec-mocks (~> 3.11.0)
    rspec-core (3.11.0)
      rspec-support (~> 3.11.0)
    rspec-expectations (3.11.1)
      diff-lcs (>= 1.2.0, < 2.0)
      rspec-support (~> 3.11.0)
    rspec-mocks (3.11.2)
      diff-lcs (>= 1.2.0, < 2.0)
      rspec-support (~> 3.11.0)
    rspec-support (3.11.1)
    rubocop (1.35.1)
      json (~> 2.3)
      parallel (~> 1.10)
      parser (>= 3.1.2.1)
      rainbow (>= 2.2.2, < 4.0)
      regexp_parser (>= 1.8, < 3.0)
      rexml (>= 3.2.5, < 4.0)
      rubocop-ast (>= 1.20.1, < 2.0)
      ruby-progressbar (~> 1.7)
      unicode-display_width (>= 1.4.0, < 3.0)
    rubocop-ast (1.29.0)
      parser (>= 3.2.1.0)
    rubocop-performance (1.14.3)
      rubocop (>= 1.7.0, < 2.0)
      rubocop-ast (>= 0.4.0)
    ruby-progressbar (1.13.0)
    timecop (0.9.6)
    unicode-display_width (2.4.2)

PLATFORMS
  x86_64-cygwin

DEPENDENCIES
  githubstats!
  goodcop (~> 0.9.7)
  timecop (~> 0.9.6)

BUNDLED WITH
   2.4.13
